GEM
  remote: https://rubygems.org/
  specs:
    crass (1.0.4)
    faraday (0.15.2)
      multipart-post (>= 1.2, < 3)
    foreman (0.84.0)
      thor (~> 0.19.1)
    html2rss (0.0.1)
      faraday (~> 0.15)
      nokogiri (~> 1.8)
      sanitize (~> 4.6)
    mini_portile2 (2.3.0)
    multipart-post (2.0.0)
    mustermann (1.0.2)
    nokogiri (1.8.2)
      mini_portile2 (~> 2.3.0)
    nokogumbo (1.5.0)
      nokogiri
    puma (3.11.4)
    rack (2.0.5)
    rack-protection (2.0.3)
      rack
    sanitize (4.6.5)
      crass (~> 1.0.2)
      nokogiri (>= 1.4.4)
      nokogumbo (~> 1.4)
    sinatra (2.0.3)
      mustermann (~> 1.0)
      rack (~> 2.0)
      rack-protection (= 2.0.3)
      tilt (~> 2.0)
    thor (0.19.4)
    tilt (2.0.8)

PLATFORMS
  ruby

DEPENDENCIES
  foreman (~> 0.8)
  html2rss (~> 0.0)
  puma (~> 3.11)
  sinatra (~> 2.0)

RUBY VERSION
   ruby 2.5.0p0

BUNDLED WITH
   1.16.1
