GIT
  remote: https://github.com/gildesmarais/html2rss.git
  revision: 8c4bf3a44885758e395568ec452a7cffdb9a0389
  specs:
    html2rss (0.0.1)
      faraday (~> 0.15)
      nokogiri (~> 1.8)
      sanitize (~> 5.0)

GEM
  remote: https://rubygems.org/
  specs:
    crass (1.0.4)
    faraday (0.15.3)
      multipart-post (>= 1.2, < 3)
    foreman (0.85.0)
      thor (~> 0.19.1)
    mini_portile2 (2.3.0)
    multipart-post (2.0.0)
    mustermann (1.0.3)
    nokogiri (1.8.5)
      mini_portile2 (~> 2.3.0)
    nokogumbo (2.0.0)
      nokogiri (~> 1.8, >= 1.8.4)
    puma (3.12.0)
    rack (2.0.5)
    rack-protection (2.0.4)
      rack
    rake (12.3.1)
    sanitize (5.0.0)
      crass (~> 1.0.2)
      nokogiri (>= 1.8.0)
      nokogumbo (~> 2.0)
    sinatra (2.0.4)
      mustermann (~> 1.0)
      rack (~> 2.0)
      rack-protection (= 2.0.4)
      tilt (~> 2.0)
    thor (0.19.4)
    tilt (2.0.8)

PLATFORMS
  ruby

DEPENDENCIES
  foreman
  html2rss!
  puma
  rake
  sinatra (~> 2.0)

BUNDLED WITH
   1.16.6
